GIT
  remote: https://github.com/chanks/que
  revision: 5ddddd5ebac6153d7a683ef08c86bced8e03fb51
  specs:
    que (1.0.0.beta3)

PATH
  remote: .
  specs:
    que-locks (0.1.0)
      neatjson
      que (>= 0.10)
      xxhash

GEM
  remote: https://rubygems.org/
  specs:
    activemodel (6.1.2.1)
      activesupport (= 6.1.2.1)
    activerecord (6.1.2.1)
      activemodel (= 6.1.2.1)
      activesupport (= 6.1.2.1)
    activesupport (6.1.2.1)
      concurrent-ruby (~> 1.0, >= 1.0.2)
      i18n (>= 1.6, < 2)
      minitest (>= 5.1)
      tzinfo (~> 2.0)
      zeitwerk (~> 2.3)
    ast (2.4.0)
    byebug (11.0.1)
    concurrent-ruby (1.1.8)
    database_cleaner (1.7.0)
    i18n (1.8.8)
      concurrent-ruby (~> 1.0)
    jaro_winkler (1.5.3)
    minitest (5.11.3)
    neatjson (0.9)
    parallel (1.17.0)
    parser (2.6.3.0)
      ast (~> 2.4.0)
    pg (1.1.4)
    rainbow (3.0.0)
    rake (10.5.0)
    rubocop (0.74.0)
      jaro_winkler (~> 1.5.1)
      parallel (~> 1.10)
      parser (>= 2.6)
      rainbow (>= 2.2.2, < 4.0)
      ruby-progressbar (~> 1.7)
      unicode-display_width (>= 1.4.0, < 1.7)
    rubocop-performance (1.4.1)
      rubocop (>= 0.71.0)
    ruby-progressbar (1.10.1)
    rufo (0.7.0)
    tzinfo (2.0.4)
      concurrent-ruby (~> 1.0)
    unicode-display_width (1.6.0)
    xxhash (0.4.0)
    zeitwerk (2.4.2)

PLATFORMS
  ruby

DEPENDENCIES
  activerecord
  bundler (~> 1.17)
  byebug
  database_cleaner
  minitest
  pg
  que (= 1.0.0.beta3)!
  que-locks!
  rake (~> 10.0)
  rubocop
  rubocop-performance
  rufo

BUNDLED WITH
   1.17.2
